PATH
  remote: .
  specs:
    get-last-tweet (3.3.6)
      redis
      twitter

GEM
  remote: https://rubygems.org/
  specs:
    faraday (0.8.7)
      multipart-post (~> 1.1)
    multi_json (1.7.6)
    multipart-post (1.2.0)
    rake (10.0.4)
    redis (3.0.4)
    simple_oauth (0.2.0)
    twitter (4.8.0)
      faraday (~> 0.8, < 0.10)
      multi_json (~> 1.0)
      simple_oauth (~> 0.2)

PLATFORMS
  ruby

DEPENDENCIES
  get-last-tweet!
  rake
