GEM
  remote: http://rubygems.org/
  specs:
    activesupport (3.2.12)
      i18n (~> 0.6)
      multi_json (~> 1.0)
    faraday (0.8.6)
      multipart-post (~> 1.1)
    i18n (0.6.4)
    json (1.7.7)
    json_builder (3.1.7)
      activesupport (>= 2.0.0)
      json
    multi_json (1.7.2)
    multipart-post (1.2.0)
    redis (3.0.3)
    simple_oauth (0.2.0)
    twitter (4.6.2)
      faraday (~> 0.8, < 0.10)
      multi_json (~> 1.0)
      simple_oauth (~> 0.2)

PLATFORMS
  ruby

DEPENDENCIES
  i18n
  json_builder
  redis
  twitter
