GEM
  remote: http://rubygems.org/
  specs:
    activesupport (3.2.12)
      i18n (~> 0.6)
      multi_json (~> 1.0)
    i18n (0.6.4)
    json (1.7.7)
    json_builder (3.1.7)
      activesupport (>= 2.0.0)
      json
    multi_json (1.7.2)
    redis (3.0.3)

PLATFORMS
  ruby

DEPENDENCIES
  i18n
  json_builder
  redis
